GIT
  remote: git://github.com/ernie/squeel.git
  revision: d37122201707ba7b2b882dea79b026b664b149b6
  specs:
    squeel (1.1.1)
      activerecord (>= 3.0)
      activesupport (>= 3.0)
      polyamorous (~> 0.6.0)

GEM
  remote: http://rubygems.org/
  specs:
    activemodel (3.2.6)
      activesupport (= 3.2.6)
      builder (~> 3.0.0)
    activerecord (3.2.6)
      activemodel (= 3.2.6)
      activesupport (= 3.2.6)
      arel (~> 3.0.2)
      tzinfo (~> 0.3.29)
    activesupport (3.2.6)
      i18n (~> 0.6)
      multi_json (~> 1.0)
    arel (3.0.2)
    builder (3.0.0)
    diff-lcs (1.1.3)
    i18n (0.6.0)
    multi_json (1.3.6)
    pg (0.14.0)
    polyamorous (0.6.4)
      activerecord (>= 3.0)
    rake (0.9.2.2)
    rspec (2.10.0)
      rspec-core (~> 2.10.0)
      rspec-expectations (~> 2.10.0)
      rspec-mocks (~> 2.10.0)
    rspec-core (2.10.1)
    rspec-expectations (2.10.0)
      diff-lcs (~> 1.1.3)
    rspec-mocks (2.10.1)
    sqlite3 (1.3.6)
    tzinfo (0.3.33)
    yard (0.6.8)

PLATFORMS
  ruby

DEPENDENCIES
  activerecord (>= 3.2.0)
  bundler (~> 1)
  pg
  rake
  rspec
  sqlite3
  squeel (~> 1.1.1)!
  yard (~> 0.6.0)
